PATH
  remote: .
  specs:
    geordi (2.3.0)
      thor (>= 0.18.0)

GEM
  remote: http://rubygems.org/
  specs:
    addressable (2.8.1)
      public_suffix (>= 2.0.2, < 6.0)
    aruba (0.6.2)
      childprocess (>= 0.3.6)
      cucumber (>= 1.1.1)
      rspec-expectations (>= 2.7.0)
    aws-eventstream (1.0.3)
    aws-partitions (1.218.0)
    aws-sdk-autoscaling (1.28.0)
      aws-sdk-core (~> 3, >= 3.61.1)
      aws-sigv4 (~> 1.1)
    aws-sdk-core (3.68.0)
      aws-eventstream (~> 1.0, >= 1.0.2)
      aws-partitions (~> 1.0)
      aws-sigv4 (~> 1.1)
      jmespath (~> 1.0)
    aws-sdk-ec2 (1.110.0)
      aws-sdk-core (~> 3, >= 3.61.1)
      aws-sigv4 (~> 1.1)
    aws-sigv4 (1.1.0)
      aws-eventstream (~> 1.0, >= 1.0.2)
    builder (3.2.3)
    childprocess (1.0.1)
      rake (< 13.0)
    cucumber (1.3.20)
      builder (>= 2.1.2)
      diff-lcs (>= 1.1.3)
      gherkin (~> 2.12)
      multi_json (>= 1.7.5, < 2.0)
      multi_test (>= 0.1.2)
    diff-lcs (1.2.5)
    gherkin (2.12.2)
      multi_json (~> 1.3)
    highline (1.6.21)
    jmespath (1.4.0)
    launchy (2.4.3)
      addressable (~> 2.3)
    multi_json (1.13.1)
    multi_test (0.1.2)
    parallel (0.5.16)
    parallel_tests (0.6.18)
      parallel
    public_suffix (5.0.0)
    rake (10.5.0)
    rspec-expectations (3.4.0)
      diff-lcs (>= 1.2.0, < 2.0)
      rspec-support (~> 3.4.0)
    rspec-mocks (3.4.1)
      diff-lcs (>= 1.2.0, < 2.0)
      rspec-support (~> 3.4.0)
    rspec-support (3.4.1)
    thor (0.19.1)

PLATFORMS
  ruby

DEPENDENCIES
  aruba
  aws-sdk-autoscaling
  aws-sdk-ec2
  geordi!
  highline
  launchy
  parallel_tests
  rspec-mocks

BUNDLED WITH
   1.17.3
